GEM
  remote: https://rubygems.org/
  specs:
    childprocess (3.0.0)
    logger (1.4.2)
    mini_portile2 (2.4.0)
    nokogiri (1.10.10)
      mini_portile2 (~> 2.4.0)
    rubyzip (2.3.0)
    selenium-webdriver (3.142.7)
      childprocess (>= 0.5, < 4.0)
      rubyzip (>= 1.2.2)
    serialport (1.3.1)
    sqlite3 (1.4.2)
    warning (1.1.0)

PLATFORMS
  ruby

DEPENDENCIES
  logger (= 1.4.2)
  nokogiri (= 1.10.10)
  selenium-webdriver (= 3.142.7)
  serialport (= 1.3.1)
  sqlite3 (= 1.4.2)
  warning (= 1.1.0)

BUNDLED WITH
   2.1.4
